{
   "AcquisitionDateTime": "2017-02-02T15:33:4.232500", 
   "BodyPartExamined": "HEAD", 
   "ConversionSoftware": "dcm2niix", 
   "ConversionSoftwareVersion": "v1.0.20170403 (OpenJPEG build) GCC4.8.4", 
   "EchoTime": 0.00299, 
   "FlipAngle": 9, 
   "ImageType": [
      "ORIGINAL", 
      "PRIMARY", 
      "M", 
      "ND", 
      "NORM"
   ], 
   "InversionTime": 0.9, 
   "MagneticFieldStrength": 3, 
   "Manufacturer": "Siemens", 
   "ManufacturersModelName": "Prisma", 
   "PhaseEncodingDirection": "i-", 
   "ProcedureStepDescription": "RM_CEREBRAL", 
   "ProtocolName": "t1_mprage_sag_p2_iso", 
   "RepetitionTime": 2.3, 
   "ScanningSequence": "GR_IR", 
   "SequenceName": "_tfl3d1_16ns", 
   "SequenceVariant": "SK_SP_MP_OSP", 
   "SeriesDescription": "t1_mprage_sag_p2_iso", 
   "dcmmeta_affine": [
      [
         6, 
         0.0, 
         0.0, 
         -81.40994262695312
      ], 
      [
         0.0, 
         6, 
         0.0, 
         -93.80770874023438
      ], 
      [
         0.0, 
         0.0, 
         6, 
         -120.90364074707031
      ], 
      [
         0.0, 
         0.0, 
         0.0, 
         1.0
      ]
   ], 
   "dcmmeta_reorient_transform": [
      [
         0.0, 
         0.0, 
         -1.0, 
         255.0
      ], 
      [
         0.0, 
         -1.0, 
         0.0, 
         239.0
      ], 
      [
         -1.0, 
         0.0, 
         0.0, 
         143.0
      ], 
      [
         0.0, 
         0.0, 
         0.0, 
         1.0
      ]
   ], 
   "dcmmeta_shape": [
      144, 
      240, 
      256
   ], 
   "dcmmeta_slice_dim": 0, 
   "dcmmeta_version": 0.6, 
   "global": {
      "const": {
         "AccessionNumber": "3099437801", 
         "AcquisitionMatrix": [
            0, 
            256, 
            230, 
            0
         ], 
         "AcquisitionNumber": 1, 
         "AcquisitionTime": "153304.232500", 
         "AngioFlag": "N", 
         "BitsAllocated": 16, 
         "BitsStored": 12, 
         "BodyPartExamined": "HEAD", 
         "Columns": 240, 
         "CsaImage.AcquisitionMatrixText": "230p*256", 
         "CsaImage.EchoColumnPosition": 128, 
         "CsaImage.EchoLinePosition": 115, 
         "CsaImage.EchoPartitionPosition": 72, 
         "CsaImage.GSWDDataType": "measured", 
         "CsaImage.ImaAbsTablePosition": [
            0, 
            0, 
            -1297
         ], 
         "CsaImage.ImaCoilString": "HEA;HEP", 
         "CsaImage.ImaRelTablePosition": [
            0, 
            0, 
            0
         ], 
         "CsaImage.ImageHistory": [
            "ChannelMixing:ND=true_CMM=1_CDM=1", 
            "ACCAlgo:9", 
            "NormalizeAlgo:PreScan", 
            "", 
            "", 
            ""
         ], 
         "CsaImage.MeasuredFourierLines": 0, 
         "CsaImage.MultistepIndex": 0, 
         "CsaImage.NonPlanarImage": 0, 
         "CsaImage.PhaseEncodingDirectionPositive": 1, 
         "CsaImage.ProtocolSliceNumber": 0, 
         "CsaImage.RFSWDDataType": "measured", 
         "CsaImage.RealDwellTime": 8100, 
         "CsaImage.SequenceMask": 134217729, 
         "CsaImage.SliceMeasurementDuration": 463445.0, 
         "CsaImage.UsedChannelString": "XXXXXXXXXXXXXXXXXXXXXXXXXXXXXXXX", 
         "CsaSeries.AbsTablePosition": -1297, 
         "CsaSeries.B1rms": [
            100.0, 
            0.79365935
         ], 
         "CsaSeries.B1rmsSupervision": "NO", 
         "CsaSeries.CoilForGradient": "void", 
         "CsaSeries.CoilForGradient2": "AS82", 
         "CsaSeries.CoilId": [
            255, 
            0, 
            0, 
            0, 
            0, 
            0, 
            0, 
            4865, 
            4866, 
            0, 
            0
         ], 
         "CsaSeries.CoilString": "HEA;HEP", 
         "CsaSeries.DICOMAcquisitionContrast": "", 
         "CsaSeries.DICOMImageFlavor": "", 
         "CsaSeries.EchoTrainLength": 1, 
         "CsaSeries.FlowCompensation": "No", 
         "CsaSeries.GradientDelayTime": [
            35.0, 
            35.0, 
            31.0
         ], 
         "CsaSeries.GradientEchoTrainLength": 1, 
         "CsaSeries.GradientMode": "Normal", 
         "CsaSeries.Isocentered": 0, 
         "CsaSeries.Laterality4MF": "U", 
         "CsaSeries.LongModelName": "NUMARIS/4", 
         "CsaSeries.MiscSequenceParam": [
            0, 
            0, 
            0, 
            0, 
            0, 
            0, 
            0, 
            0, 
            0, 
            0, 
            0, 
            0, 
            0, 
            0, 
            0, 
            0, 
            0, 
            0, 
            0, 
            0, 
            0, 
            0, 
            0, 
            0, 
            0, 
            0, 
            0, 
            0, 
            0, 
            0, 
            0, 
            8695, 
            0, 
            0, 
            0, 
            0, 
            0, 
            0
         ], 
         "CsaSeries.MrProtocolVersion": 51130001, 
         "CsaSeries.NumberOfPrescans": 0, 
         "CsaSeries.Operation_mode_flag": 0, 
         "CsaSeries.PatReinPattern": "1;HFS;55.00;31.00;1;0;0;497186905", 
         "CsaSeries.PhaseGradientAmplitude": 0.0, 
         "CsaSeries.PhaseSliceOversampling": "2D_3D", 
         "CsaSeries.PositivePCSDirections": "+LPH", 
         "CsaSeries.ProtocolChangeHistory": 0, 
         "CsaSeries.RFEchoTrainLength": 0, 
         "CsaSeries.RFSWDMostCriticalAspect": "Bore Local", 
         "CsaSeries.RFSWDOperationMode": 0, 
         "CsaSeries.ReadoutGradientAmplitude": 0.0, 
         "CsaSeries.ReadoutOS": 2.0, 
         "CsaSeries.RelTablePosition": [
            0, 
            0, 
            0
         ], 
         "CsaSeries.RfWatchdogMask": 0, 
         "CsaSeries.SARMostCriticalAspect": [
            5.33599974, 
            0.35233575, 
            0.0
         ], 
         "CsaSeries.SW_korr_faktor": 1.0, 
         "CsaSeries.SafetyStandard": "IEC", 
         "CsaSeries.Sed": [
            1000000.0, 
            24.4021662, 
            24.40216646
         ], 
         "CsaSeries.SelectionGradientAmplitude": 0.0, 
         "CsaSeries.SequenceFileOwner": "SIEMENS", 
         "CsaSeries.SliceArrayConcatenations": 1, 
         "CsaSeries.SliceResolution": 1.0, 
         "CsaSeries.Stim_faktor": 1.0, 
         "CsaSeries.Stim_lim": [
            42.70069885, 
            23.97319984, 
            36.48099899
         ], 
         "CsaSeries.Stim_max_ges_norm_online": 0.68695676, 
         "CsaSeries.Stim_max_online": [
            12.25059128, 
            9.81624413, 
            17.18632317
         ], 
         "CsaSeries.Stim_mon_mode": 2, 
         "CsaSeries.TablePositionOrigin": [
            0, 
            0, 
            -1297
         ], 
         "CsaSeries.TalesReferencePower": 814.25005, 
         "CsaSeries.TransmitterCalibration": 219.932559, 
         "CsaSeries.dBdt_limit": 0.0, 
         "CsaSeries.dBdt_max": 0.0, 
         "CsaSeries.dBdt_thresh": 0.0, 
         "CsaSeries.t_puls_max": 0.0, 
         "DerivationDescription": "Decompress Pegasus JPEG Lossless", 
         "EchoNumbers": 1, 
         "EchoTime": 2.99, 
         "EchoTrainLength": 1, 
         "FlipAngle": 9.0, 
         "HighBit": 11, 
         "ImageOrientationPatient": [
            0.0, 
            1.0, 
            0.0, 
            0.0, 
            0.0, 
            -1.0
         ], 
         "ImageType": [
            "ORIGINAL", 
            "PRIMARY", 
            "M", 
            "ND", 
            "NORM"
         ], 
         "ImagedNucleus": "1H", 
         "ImagingFrequency": 123.261129, 
         "InPlanePhaseEncodingDirection": "ROW", 
         "InversionTime": 900.0, 
         "MRAcquisitionType": "3D", 
         "MagneticFieldStrength": 3.0, 
         "Manufacturer": "SIEMENS", 
         "ManufacturerModelName": "Prisma", 
         "ModalitiesInStudy": [
            "MR", 
            "SR"
         ], 
         "Modality": "MR", 
         "NumberOfAverages": 1.0, 
         "NumberOfPhaseEncodingSteps": 202, 
         "NumberOfStudyRelatedInstances": 794, 
         "PercentPhaseFieldOfView": 93.75, 
         "PercentSampling": 96.0, 
         "PerformedProcedureStepStartTime": "153100.504000", 
         "PhotometricInterpretation": "MONOCHROME2", 
         "PixelBandwidth": 240.0, 
         "PixelRepresentation": 0, 
         "PixelSpacing": [
            0.9375, 
            0.9375
         ], 
         "ProcedureCodeSequence": [
            {
               "CodeValue": "RM1"
            }
         ], 
         "ProtocolName": "t1_mprage_sag_p2_iso", 
         "ReferencedStudySequence": [
            {
               "ReferencedSOPClassUID": "1.2.840.10008.3.1.2.3.1", 
               "ReferencedSOPInstanceUID": "1.2.840.113564.9.1.20060215144412.20170120153344.23099437801"
            }
         ], 
         "RepetitionTime": 2300.0, 
         "RequestAttributesSequence": [
            {
               "RequestedProcedureID": "3099437801", 
               "ScheduledProcedureStepDescription": "RM CEREBRAL", 
               "ScheduledProcedureStepID": "3099437801", 
               "ScheduledProtocolCodeSequence": [
                  {
                     "CodeMeaning": "RM CABEZA, AR", 
                     "CodeValue": "71142", 
                     "CodingSchemeDesignator": "DSS_MESA"
                  }
               ]
            }
         ], 
         "RequestedProcedureCodeSequence": [
            {
               "CodeValue": "RM1"
            }
         ], 
         "RequestingService": "NC", 
         "Rows": 256, 
         "SAR": 0.04756519835381, 
         "SamplesPerPixel": 1, 
         "ScanOptions": [
            "IR", 
            "PFP"
         ], 
         "ScanningSequence": [
            "GR", 
            "IR"
         ], 
         "SequenceName": "*tfl3d1_16ns", 
         "SequenceVariant": [
            "SK", 
            "SP", 
            "MP", 
            "OSP"
         ], 
         "SeriesDescription": "t1_mprage_sag_p2_iso", 
         "SeriesNumber": 5, 
         "SeriesTime": "154053.492000", 
         "SliceThickness": 1.0999999046326, 
         "SmallestImagePixelValue": 0, 
         "SoftwareVersions": "syngo MR E11", 
         "SpecificCharacterSet": "ISO_IR 100", 
         "StudyID": "3099437801", 
         "StudyTime": "153100.384000", 
         "TransmitCoilName": "Body", 
         "VariableFlipAngleFlag": "N", 
         "WindowCenterWidthExplanation": "Algo1", 
         "dBdt": 0.0
      }, 
